GEM
  remote: https://rubygems.org/
  specs:
    github-markdown (0.6.9)

PLATFORMS
  ruby

DEPENDENCIES
  github-markdown

BUNDLED WITH
   1.11.2
